GEM
  remote: https://rubygems.org/
  specs:
    concurrent-ruby (1.1.10)
    cpf_utils (1.3.1)
    faker (2.23.0)
      i18n (>= 1.8.11, < 2)
    i18n (1.12.0)
      concurrent-ruby (~> 1.0)

PLATFORMS
  x64-mingw32

DEPENDENCIES
  cpf_utils
  faker

BUNDLED WITH
   2.2.33
